GEM
  remote: http://rubygems.org/
  remote: http://gems.github.com/
  specs:
    haml (3.1.4)
    json (1.6.4)
    rack (1.4.0)
    rack-protection (1.2.0)
      rack
    sinatra (1.3.2)
      rack (~> 1.3, >= 1.3.6)
      rack-protection (~> 1.2)
      tilt (~> 1.3, >= 1.3.3)
    tilt (1.3.3)
    uuidtools (2.1.2)

PLATFORMS
  ruby

DEPENDENCIES
  haml
  json
  sinatra
  uuidtools
